PATH
  remote: .
  specs:
    qa_cube (0.0.2)

GEM
  remote: https://rubygems.org/
  specs:
    rake (10.4.2)

PLATFORMS
  ruby

DEPENDENCIES
  bundler (~> 1.15)
  qa_cube!
  rake (~> 10.0)

BUNDLED WITH
   1.15.4
